GIT
  remote: git://github.com/barmintor/hydra-head.git
  revision: 6b7cd848d19736b0df7b865a8b711eb08af4a0b5
  branch: solrdoc
  specs:
    hydra-head (4.1.1)
      RedCloth (= 4.2.9)
      active-fedora (~> 4.1)
      blacklight (~> 3.4)
      block_helpers
      deprecation (>= 0.0.5)
      devise
      hydra-access-controls (>= 0.0.5)
      hydra-mods (>= 0.0.5)
      jquery-rails
      rails (~> 3.2.3)
      sanitize

PATH
  remote: /Users/ba2213/Github/cul_scv_hydra
  specs:
    cul_scv_hydra (0.6.4)
      active-fedora (~> 4.0)
      active_fedora_finders (>= 0.1.3)
      active_fedora_relsint
      blacklight (~> 3.3)
      cul_image_props
      hydra-head (~> 4.0)
      hydra-mods (>= 0.0.4)
      nokogiri (>= 1.4.2)
      om (~> 1.6.0)
      rails (~> 3.2.5)
      rubydora (~> 0.5.8)
      solrizer (~> 1.2.0)

GEM
  remote: http://rubygems.org/
  specs:
    RedCloth (4.2.9)
    actionmailer (3.2.8)
      actionpack (= 3.2.8)
      mail (~> 2.4.4)
    actionpack (3.2.8)
      activemodel (= 3.2.8)
      activesupport (= 3.2.8)
      builder (~> 3.0.0)
      erubis (~> 2.7.0)
      journey (~> 1.0.4)
      rack (~> 1.4.0)
      rack-cache (~> 1.2)
      rack-test (~> 0.6.1)
      sprockets (~> 2.1.3)
    active-fedora (4.5.0)
      activeresource (>= 3.0.0)
      activesupport (>= 3.0.0)
      deprecation
      equivalent-xml
      mediashelf-loggable
      om (~> 1.6.0)
      rdf
      rdf-rdfxml (~> 0.3.8)
      rsolr
      rubydora (~> 0.5.13)
      solrizer (~> 1.2.0)
    active_fedora_finders (0.1.3)
      active-fedora (>= 4.2.0)
      activerecord (~> 3.2.0)
      activesupport (~> 3.2.0)
      nokogiri
      rubydora (~> 0.5.9)
    active_fedora_relsint (0.1.1)
      active-fedora (>= 4.2.0)
      activesupport (~> 3.2.0)
      rubydora (~> 0.5.11)
    activemodel (3.2.8)
      activesupport (= 3.2.8)
      builder (~> 3.0.0)
    activerecord (3.2.8)
      activemodel (= 3.2.8)
      activesupport (= 3.2.8)
      arel (~> 3.0.2)
      tzinfo (~> 0.3.29)
    activeresource (3.2.8)
      activemodel (= 3.2.8)
      activesupport (= 3.2.8)
    activesupport (3.2.8)
      i18n (~> 0.6)
      multi_json (~> 1.0)
    addressable (2.3.2)
    akami (1.2.0)
      gyoku (>= 0.4.0)
      nokogiri (>= 1.4.0)
    arel (3.0.2)
    authlogic (3.1.3)
      activerecord (>= 3.0.0)
      activesupport (>= 3.0.0)
    authlogic_wind (0.4.0)
      authlogic
    backports (2.6.3)
    bcrypt-ruby (3.0.1)
    blacklight (3.5.0)
      compass-rails (~> 1.0.0)
      compass-susy-plugin (>= 0.9.0)
      kaminari
      marc (>= 0.4.3, < 1.1)
      nokogiri (~> 1.5)
      rails (~> 3.1)
      rsolr (~> 1.0.6)
      rsolr-ext (~> 1.0.3)
      sass-rails
      unicode
    block_helpers (0.3.3)
      activesupport (>= 2.0)
    builder (3.0.0)
    cancan (1.6.8)
    capybara (1.1.2)
      mime-types (>= 1.16)
      nokogiri (>= 1.3.3)
      rack (>= 1.0.0)
      rack-test (>= 0.5.4)
      selenium-webdriver (~> 2.0)
      xpath (~> 0.1.4)
    childprocess (0.3.5)
      ffi (~> 1.0, >= 1.0.6)
    chunky_png (1.2.6)
    columnize (0.3.6)
    compass (0.12.2)
      chunky_png (~> 1.2)
      fssm (>= 0.2.7)
      sass (~> 3.1)
    compass-rails (1.0.3)
      compass (>= 0.12.2, < 0.14)
    compass-susy-plugin (0.9)
      compass (>= 0.11.1)
    crack (0.3.1)
    cucumber (1.2.1)
      builder (>= 2.1.2)
      diff-lcs (>= 1.1.3)
      gherkin (~> 2.11.0)
      json (>= 1.4.6)
    cucumber-rails (1.3.0)
      capybara (>= 1.1.2)
      cucumber (>= 1.1.8)
      nokogiri (>= 1.5.0)
    cul_image_props (0.3.0)
      nokogiri
    curb (0.8.1)
    daemons (1.1.9)
    database_cleaner (0.8.0)
    declarative_authorization (0.5.5)
    deprecation (0.0.5)
      activesupport
    devise (2.1.2)
      bcrypt-ruby (~> 3.0)
      orm_adapter (~> 0.1)
      railties (~> 3.1)
      warden (~> 1.2.1)
    diff-lcs (1.1.3)
    equivalent-xml (0.2.9)
      nokogiri (>= 1.4.3)
    erubis (2.7.0)
    factory_girl (4.0.0)
      activesupport (>= 3.0.0)
    fastercsv (1.5.5)
    ffi (1.1.5)
    fssm (0.2.9)
    gherkin (2.11.1)
      json (>= 1.4.6)
    gyoku (0.4.6)
      builder (>= 2.1.2)
    haml (3.1.7)
    hike (1.2.1)
    hooks (0.2.1)
    httparty (0.8.3)
      multi_json (~> 1.0)
      multi_xml
    httpclient (2.1.6.1)
    httpi (1.1.1)
      rack
    hydra-access-controls (0.0.5)
      active-fedora
      activesupport
      blacklight
      cancan
      deprecation
    hydra-mods (0.0.5)
      active-fedora (~> 4.1)
    i18n (0.6.0)
    jettywrapper (0.0.10)
      logger
      mediashelf-loggable
    journey (1.0.4)
    jquery-rails (2.0.2)
      railties (>= 3.2.0, < 5.0)
      thor (~> 0.14)
    json (1.7.4)
    json_pure (1.7.4)
    kaminari (0.13.0)
      actionpack (>= 3.0.0)
      activesupport (>= 3.0.0)
      railties (>= 3.0.0)
    libwebsocket (0.1.5)
      addressable
    loggable (0.3.0)
    logger (1.2.8)
    mail (2.4.4)
      i18n (>= 0.4.0)
      mime-types (~> 1.16)
      treetop (~> 1.4.8)
    marc (0.5.0)
    mediashelf-loggable (0.4.9)
    metaclass (0.0.1)
    mime-types (1.19)
    mocha (0.12.3)
      metaclass (~> 0.0.1)
    multi_json (1.3.6)
    multi_xml (0.5.1)
    multipart-post (1.1.5)
    mysql (2.8.1)
    net-ldap (0.3.1)
    nokogiri (1.5.5)
    nori (1.1.3)
    om (1.6.1)
      mediashelf-loggable
      nokogiri (>= 1.4.2)
    orm_adapter (0.4.0)
    polyglot (0.3.3)
    rack (1.4.1)
    rack-cache (1.2)
      rack (>= 0.4)
    rack-ssl (1.3.2)
      rack
    rack-test (0.6.1)
      rack (>= 1.0)
    rails (3.2.8)
      actionmailer (= 3.2.8)
      actionpack (= 3.2.8)
      activerecord (= 3.2.8)
      activeresource (= 3.2.8)
      activesupport (= 3.2.8)
      bundler (~> 1.0)
      railties (= 3.2.8)
    railties (3.2.8)
      actionpack (= 3.2.8)
      activesupport (= 3.2.8)
      rack-ssl (~> 1.3.2)
      rake (>= 0.8.7)
      rdoc (~> 3.4)
      thor (>= 0.14.6, < 2.0)
    rake (0.9.2.2)
    rdf (0.3.7)
      addressable (>= 2.2.6)
    rdf-rdfxml (0.3.8)
      rdf (>= 0.3.4)
      rdf-xsd (>= 0.3.5)
    rdf-xsd (0.3.7)
      backports
      nokogiri (>= 1.5.0)
      rdf (>= 0.3.4)
    rdoc (3.12)
      json (~> 1.4)
    rest-client (1.6.7)
      mime-types (>= 1.16)
    rsolr (1.0.6)
      builder (>= 2.1.2)
    rsolr-ext (1.0.3)
      rsolr (>= 1.0.2)
    rspec (2.11.0)
      rspec-core (~> 2.11.0)
      rspec-expectations (~> 2.11.0)
      rspec-mocks (~> 2.11.0)
    rspec-core (2.11.1)
    rspec-expectations (2.11.2)
      diff-lcs (~> 1.1.3)
    rspec-mocks (2.11.2)
    rspec-rails (2.11.0)
      actionpack (>= 3.0)
      activesupport (>= 3.0)
      railties (>= 3.0)
      rspec (~> 2.11.0)
    ruby-prof (0.11.2)
    rubydora (0.5.13)
      activemodel
      activesupport
      deprecation
      fastercsv
      hooks
      mime-types
      nokogiri
      rest-client
      savon
    rubyzip (0.9.9)
    sanitize (2.0.3)
      nokogiri (>= 1.4.4, < 1.6)
    sass (3.2.0)
    sass-rails (3.2.5)
      railties (~> 3.2.0)
      sass (>= 3.1.10)
      tilt (~> 1.3)
    savon (1.1.0)
      akami (~> 1.2.0)
      builder (>= 2.1.2)
      gyoku (~> 0.4.5)
      httpi (~> 1.1.0)
      nokogiri (>= 1.4.0)
      nori (~> 1.1.0)
      wasabi (~> 2.5.0)
    selenium-webdriver (2.25.0)
      childprocess (>= 0.2.5)
      libwebsocket (~> 0.1.3)
      multi_json (~> 1.0)
      rubyzip
    solr-ruby (0.0.8)
    solrizer (1.2.2)
      daemons
      mediashelf-loggable (~> 0.4.7)
      nokogiri
      om (>= 1.5.0)
      stomp
      xml-simple
    solrizer-fedora (2.2.0)
      active-fedora (~> 4.0)
    sprockets (2.1.3)
      hike (~> 1.2)
      rack (~> 1.0)
      tilt (~> 1.1, != 1.3.0)
    sqlite3 (1.3.6)
    stomp (1.2.5)
    term-ansicolor (1.0.7)
    thor (0.16.0)
    tilt (1.3.3)
    treetop (1.4.10)
      polyglot
      polyglot (>= 0.3.1)
    tzinfo (0.3.33)
    unicode (0.4.3)
    warden (1.2.1)
      rack (>= 1.0)
    wasabi (2.5.0)
      httpi (~> 1.0)
      nokogiri (>= 1.4.0)
    xml-simple (1.1.1)
    xpath (0.1.4)
      nokogiri (~> 1.3)
    yard (0.8.2.1)

PLATFORMS
  ruby

DEPENDENCIES
  RedCloth (>= 4.2.3)
  actionmailer
  active-fedora (~> 4.5.0)
  active_fedora_finders
  active_fedora_relsint
  arel
  authlogic (~> 3.1.0)
  authlogic_wind
  blacklight
  block_helpers
  columnize
  crack
  cucumber (>= 0.8.5)
  cucumber-rails (>= 1.0.0)
  cul_image_props
  cul_scv_hydra!
  curb
  database_cleaner
  declarative_authorization
  diff-lcs
  factory_girl
  gherkin
  haml
  httparty
  httpclient (= 2.1.6.1)
  hydra-head!
  i18n
  jettywrapper (~> 0.0.10)
  json_pure (> 1.4.3)
  loggable
  mime-types
  mocha
  multipart-post
  mysql
  net-ldap (>= 0.1.1)
  nokogiri
  om (>= 1.4.0)
  rack
  rack-test
  rails (~> 3.2.6)
  rake
  rsolr (= 1.0.6)
  rsolr-ext
  rspec (>= 2.0.0)
  rspec-rails (>= 2.0.0)
  ruby-prof
  rubydora
  sanitize
  sass
  solr-ruby
  solrizer (>= 1.1.0)
  solrizer-fedora (>= 1.1.0)
  sqlite3
  term-ansicolor
  xml-simple
  yard
